GEM
  remote: https://rubygems.org/
  specs:
    aasm (5.5.0)
      concurrent-ruby (~> 1.0)
    actioncable (7.2.1)
      actionpack (= 7.2.1)
      activesupport (= 7.2.1)
      nio4r (~> 2.0)
      websocket-driver (>= 0.6.1)
      zeitwerk (~> 2.6)
    actionmailbox (7.2.1)
      actionpack (= 7.2.1)
      activejob (= 7.2.1)
      activerecord (= 7.2.1)
      activestorage (= 7.2.1)
      activesupport (= 7.2.1)
      mail (>= 2.8.0)
    actionmailer (7.2.1)
      actionpack (= 7.2.1)
      actionview (= 7.2.1)
      activejob (= 7.2.1)
      activesupport (= 7.2.1)
      mail (>= 2.8.0)
      rails-dom-testing (~> 2.2)
    actionpack (7.2.1)
      actionview (= 7.2.1)
      activesupport (= 7.2.1)
      nokogiri (>= 1.8.5)
      racc
      rack (>= 2.2.4, < 3.2)
      rack-session (>= 1.0.1)
      rack-test (>= 0.6.3)
      rails-dom-testing (~> 2.2)
      rails-html-sanitizer (~> 1.6)
      useragent (~> 0.16)
    actiontext (7.2.1)
      actionpack (= 7.2.1)
      activerecord (= 7.2.1)
      activestorage (= 7.2.1)
      activesupport (= 7.2.1)
      globalid (>= 0.6.0)
      nokogiri (>= 1.8.5)
    actionview (7.2.1)
      activesupport (= 7.2.1)
      builder (~> 3.1)
      erubi (~> 1.11)
      rails-dom-testing (~> 2.2)
      rails-html-sanitizer (~> 1.6)
    activejob (7.2.1)
      activesupport (= 7.2.1)
      globalid (>= 0.3.6)
    activemodel (7.2.1)
      activesupport (= 7.2.1)
    activerecord (7.2.1)
      activemodel (= 7.2.1)
      activesupport (= 7.2.1)
      timeout (>= 0.4.0)
    activestorage (7.2.1)
      actionpack (= 7.2.1)
      activejob (= 7.2.1)
      activerecord (= 7.2.1)
      activesupport (= 7.2.1)
      marcel (~> 1.0)
    activesupport (7.2.1)
      base64
      bigdecimal
      concurrent-ruby (~> 1.0, >= 1.3.1)
      connection_pool (>= 2.2.5)
      drb
      i18n (>= 1.6, < 2)
      logger (>= 1.4.2)
      minitest (>= 5.1)
      securerandom (>= 0.3)
      tzinfo (~> 2.0, >= 2.0.5)
    acts-as-taggable-on (11.0.0)
      activerecord (>= 7.0, < 8.0)
      zeitwerk (>= 2.4, < 3.0)
    addressable (2.8.7)
      public_suffix (>= 2.0.2, < 7.0)
    ast (2.4.2)
    aws-eventstream (1.3.0)
    aws-partitions (1.970.0)
    aws-sdk-core (3.202.2)
      aws-eventstream (~> 1, >= 1.3.0)
      aws-partitions (~> 1, >= 1.651.0)
      aws-sigv4 (~> 1.9)
      jmespath (~> 1, >= 1.6.1)
    aws-sdk-kms (1.88.0)
      aws-sdk-core (~> 3, >= 3.201.0)
      aws-sigv4 (~> 1.5)
    aws-sdk-s3 (1.159.0)
      aws-sdk-core (~> 3, >= 3.201.0)
      aws-sdk-kms (~> 1)
      aws-sigv4 (~> 1.5)
    aws-sigv4 (1.9.1)
      aws-eventstream (~> 1, >= 1.0.2)
    base64 (0.2.0)
    bcrypt (3.1.20)
    bigdecimal (3.1.8)
    bindex (0.8.1)
    bootsnap (1.18.4)
      msgpack (~> 1.2)
    builder (3.3.0)
    concurrent-ruby (1.3.4)
    connection_pool (2.4.1)
    crass (1.0.6)
    cssbundling-rails (1.4.1)
      railties (>= 6.0.0)
    database_cleaner-active_record (2.2.0)
      activerecord (>= 5.a)
      database_cleaner-core (~> 2.0.0)
    database_cleaner-core (2.0.1)
    date (3.3.4)
    debug (1.9.2)
      irb (~> 1.10)
      reline (>= 0.3.8)
    devise (4.9.4)
      bcrypt (~> 3.0)
      orm_adapter (~> 0.1)
      railties (>= 4.1.0)
      responders
      warden (~> 1.2.3)
    diff-lcs (1.5.1)
    down (5.4.2)
      addressable (~> 2.8)
    drb (2.2.1)
    erubi (1.13.0)
    factory_bot (6.4.6)
      activesupport (>= 5.0.0)
    factory_bot_rails (6.4.3)
      factory_bot (~> 6.4)
      railties (>= 5.0.0)
    faraday (2.11.0)
      faraday-net_http (>= 2.0, < 3.4)
      logger
    faraday-mashify (0.1.1)
      faraday (~> 2.0)
      hashie
    faraday-multipart (1.0.4)
      multipart-post (~> 2)
    faraday-net_http (3.3.0)
      net-http
    ffi (1.17.0)
    gli (2.21.5)
    globalid (1.2.1)
      activesupport (>= 6.1)
    hash_to_hidden_fields (2.0.2)
      actionpack (>= 3)
      rack (>= 1.2)
    hashie (5.0.0)
    i18n (1.14.5)
      concurrent-ruby (~> 1.0)
    icalendar (2.10.2)
      ice_cube (~> 0.16)
    ice_cube (0.17.0)
    image_processing (1.13.0)
      mini_magick (>= 4.9.5, < 5)
      ruby-vips (>= 2.0.17, < 3)
    indefinite_article (0.2.5)
      activesupport
    io-console (0.7.2)
    irb (1.14.0)
      rdoc (>= 4.0.0)
      reline (>= 0.4.2)
    jmespath (1.6.2)
    jsbundling-rails (1.3.1)
      railties (>= 6.0.0)
    json (2.7.2)
    kaminari (1.2.2)
      activesupport (>= 4.1.0)
      kaminari-actionview (= 1.2.2)
      kaminari-activerecord (= 1.2.2)
      kaminari-core (= 1.2.2)
    kaminari-actionview (1.2.2)
      actionview
      kaminari-core (= 1.2.2)
    kaminari-activerecord (1.2.2)
      activerecord
      kaminari-core (= 1.2.2)
    kaminari-core (1.2.2)
    language_server-protocol (3.17.0.3)
    logger (1.6.1)
    loofah (2.22.0)
      crass (~> 1.0.2)
      nokogiri (>= 1.12.0)
    mail (2.8.1)
      mini_mime (>= 0.1.1)
      net-imap
      net-pop
      net-smtp
    marcel (1.0.4)
    mini_magick (4.13.2)
    mini_mime (1.1.5)
    mini_portile2 (2.8.7)
    minitest (5.25.1)
    month (2.0.0)
    msgpack (1.7.2)
    multipart-post (2.4.1)
    mysql2 (0.5.6)
    net-http (0.4.1)
      uri
    net-imap (0.4.15)
      date
      net-protocol
    net-pop (0.1.2)
      net-protocol
    net-protocol (0.2.2)
      timeout
    net-smtp (0.5.0)
      net-protocol
    nio4r (2.7.3)
    nokogiri (1.16.7)
      mini_portile2 (~> 2.8.2)
      racc (~> 1.4)
    nokogiri (1.16.7-x86_64-darwin)
      racc (~> 1.4)
    nokogiri (1.16.7-x86_64-linux)
      racc (~> 1.4)
    orm_adapter (0.5.0)
    parallel (1.26.3)
    parser (3.3.4.2)
      ast (~> 2.4.1)
      racc
    pg (1.5.7)
    php-serialize (1.4.1)
    psych (5.1.2)
      stringio
    public_suffix (6.0.1)
    puma (6.4.2)
      nio4r (~> 2.0)
    pundit (2.4.0)
      activesupport (>= 3.0.0)
    racc (1.8.1)
    rack (3.1.7)
    rack-session (2.0.0)
      rack (>= 3.0.0)
    rack-test (2.1.0)
      rack (>= 1.3)
    rackup (2.1.0)
      rack (>= 3)
      webrick (~> 1.8)
    rails (7.2.1)
      actioncable (= 7.2.1)
      actionmailbox (= 7.2.1)
      actionmailer (= 7.2.1)
      actionpack (= 7.2.1)
      actiontext (= 7.2.1)
      actionview (= 7.2.1)
      activejob (= 7.2.1)
      activemodel (= 7.2.1)
      activerecord (= 7.2.1)
      activestorage (= 7.2.1)
      activesupport (= 7.2.1)
      bundler (>= 1.15.0)
      railties (= 7.2.1)
    rails-dom-testing (2.2.0)
      activesupport (>= 5.0.0)
      minitest
      nokogiri (>= 1.6)
    rails-html-sanitizer (1.6.0)
      loofah (~> 2.21)
      nokogiri (~> 1.14)
    railties (7.2.1)
      actionpack (= 7.2.1)
      activesupport (= 7.2.1)
      irb (~> 1.13)
      rackup (>= 1.0.0)
      rake (>= 12.2)
      thor (~> 1.0, >= 1.2.2)
      zeitwerk (~> 2.6)
    rainbow (3.1.1)
    rake (13.2.1)
    ransack (4.2.1)
      activerecord (>= 6.1.5)
      activesupport (>= 6.1.5)
      i18n
    rdoc (6.7.0)
      psych (>= 4.0.0)
    redis (5.3.0)
      redis-client (>= 0.22.0)
    redis-client (0.22.2)
      connection_pool
    regexp_parser (2.9.2)
    reline (0.5.9)
      io-console (~> 0.5)
    responders (3.1.1)
      actionpack (>= 5.2)
      railties (>= 5.2)
    rolify (6.0.1)
    rspec-core (3.13.0)
      rspec-support (~> 3.13.0)
    rspec-expectations (3.13.2)
      diff-lcs (>= 1.2.0, < 2.0)
      rspec-support (~> 3.13.0)
    rspec-mocks (3.13.1)
      diff-lcs (>= 1.2.0, < 2.0)
      rspec-support (~> 3.13.0)
    rspec-rails (6.1.4)
      actionpack (>= 6.1)
      activesupport (>= 6.1)
      railties (>= 6.1)
      rspec-core (~> 3.13)
      rspec-expectations (~> 3.13)
      rspec-mocks (~> 3.13)
      rspec-support (~> 3.13)
    rspec-support (3.13.1)
    rubocop (1.66.0)
      json (~> 2.3)
      language_server-protocol (>= 3.17.0)
      parallel (~> 1.10)
      parser (>= 3.3.0.2)
      rainbow (>= 2.2.2, < 4.0)
      regexp_parser (>= 2.4, < 3.0)
      rubocop-ast (>= 1.32.1, < 2.0)
      ruby-progressbar (~> 1.7)
      unicode-display_width (>= 2.4.0, < 3.0)
    rubocop-ast (1.32.1)
      parser (>= 3.3.1.0)
    ruby-progressbar (1.13.0)
    ruby-vips (2.2.2)
      ffi (~> 1.12)
      logger
    securerandom (0.3.1)
    sentry-rails (5.19.0)
      railties (>= 5.0)
      sentry-ruby (~> 5.19.0)
    sentry-ruby (5.19.0)
      bigdecimal
      concurrent-ruby (~> 1.0, >= 1.0.2)
    sidekiq (7.3.1)
      concurrent-ruby (< 2)
      connection_pool (>= 2.3.0)
      logger
      rack (>= 2.2.4)
      redis-client (>= 0.22.2)
    simple_form (5.3.1)
      actionpack (>= 5.2)
      activemodel (>= 5.2)
    slack-ruby-client (2.4.0)
      faraday (>= 2.0)
      faraday-mashify
      faraday-multipart
      gli
      hashie
    sprockets (4.2.1)
      concurrent-ruby (~> 1.0)
      rack (>= 2.2.4, < 4)
    sprockets-rails (3.5.2)
      actionpack (>= 6.1)
      activesupport (>= 6.1)
      sprockets (>= 3.0.0)
    stimulus-rails (1.3.4)
      railties (>= 6.0.0)
    stringio (3.1.1)
    stripe (12.5.0)
    thor (1.3.2)
    timeout (0.4.1)
    turbo-rails (2.0.6)
      actionpack (>= 6.0.0)
      activejob (>= 6.0.0)
      railties (>= 6.0.0)
    tzinfo (2.0.6)
      concurrent-ruby (~> 1.0)
    unicode-display_width (2.5.0)
    uri (0.13.1)
    useragent (0.16.10)
    warden (1.2.9)
      rack (>= 2.0.9)
    web-console (4.2.1)
      actionview (>= 6.0.0)
      activemodel (>= 6.0.0)
      bindex (>= 0.4.0)
      railties (>= 6.0.0)
    webrick (1.8.1)
    websocket-driver (0.7.6)
      websocket-extensions (>= 0.1.0)
    websocket-extensions (0.1.5)
    zeitwerk (2.6.17)

PLATFORMS
  ruby
  x86_64-darwin-20
  x86_64-linux

DEPENDENCIES
  aasm
  acts-as-taggable-on (~> 11.0.0)
  aws-sdk-s3
  bootsnap
  cssbundling-rails
  database_cleaner-active_record
  debug
  devise
  down
  factory_bot_rails
  hash_to_hidden_fields
  icalendar
  image_processing (~> 1.2)
  indefinite_article
  jsbundling-rails
  kaminari
  month
  mysql2
  pg
  php-serialize
  puma (~> 6.4.2)
  pundit
  rails (~> 7.2)
  ransack (~> 4.2.1)
  redis
  rolify
  rspec-rails
  rubocop
  sentry-rails
  sentry-ruby
  sidekiq
  simple_form
  slack-ruby-client
  sprockets-rails
  stimulus-rails
  stripe
  turbo-rails
  tzinfo-data
  web-console

RUBY VERSION
   ruby 3.1.2p20

BUNDLED WITH
   2.3.3
